GEM
  remote: https://rubygems.org/
  specs:
    json (2.0.2)
    mustermann (1.0.0)
    pg (0.20.0)
    rack (2.0.3)
    rack-protection (2.0.0)
      rack
    sequel (4.46.0)
    sinatra (2.0.0)
      mustermann (~> 1.0)
      rack (~> 2.0)
      rack-protection (= 2.0.0)
      tilt (~> 2.0)
    tilt (2.0.7)

PLATFORMS
  ruby

DEPENDENCIES
  json
  pg
  sequel
  sinatra (= 2.0.0)

RUBY VERSION
   ruby 2.4.0p0

BUNDLED WITH
   1.14.6
