GEM
  remote: https://rubygems.org/
  specs:
    backports (3.8.0)
    json (2.0.2)
    multi_json (1.12.1)
    mustermann (1.0.0)
    pg (0.20.0)
    rack (2.0.3)
    rack-attack (5.0.1)
      rack
    rack-protection (2.0.0)
      rack
    sequel (4.46.0)
    sinatra (2.0.0)
      mustermann (~> 1.0)
      rack (~> 2.0)
      rack-protection (= 2.0.0)
      tilt (~> 2.0)
    sinatra-contrib (2.0.0)
      backports (>= 2.0)
      multi_json
      mustermann (~> 1.0)
      rack-protection (= 2.0.0)
      sinatra (= 2.0.0)
      tilt (>= 1.3, < 3)
    tilt (2.0.7)

PLATFORMS
  ruby

DEPENDENCIES
  json
  pg
  rack-attack
  sequel
  sinatra (= 2.0.0)
  sinatra-contrib

RUBY VERSION
   ruby 2.4.0p0

BUNDLED WITH
   1.14.6
