GEM
  remote: https://rubygems.org/
  specs:
    backports (3.15.0)
    json (2.2.0)
    multi_json (1.13.1)
    mustermann (1.0.3)
    pg (1.1.4)
    rack (2.2.3)
    rack-attack (6.0.0)
      rack (>= 1.0, < 3)
    rack-protection (2.0.5)
      rack
    sequel (5.20.0)
    sinatra (2.0.5)
      mustermann (~> 1.0)
      rack (~> 2.0)
      rack-protection (= 2.0.5)
      tilt (~> 2.0)
    sinatra-contrib (2.0.5)
      backports (>= 2.8.2)
      multi_json
      mustermann (~> 1.0)
      rack-protection (= 2.0.5)
      sinatra (= 2.0.5)
      tilt (>= 1.3, < 3)
    tilt (2.0.9)

PLATFORMS
  ruby

DEPENDENCIES
  json
  pg
  rack-attack
  sequel
  sinatra
  sinatra-contrib

RUBY VERSION
   ruby 2.4.0p0

BUNDLED WITH
   1.15.1
